<<<<<<< HEAD
GEM
  remote: http://rubygems.org/
=======
PATH
  remote: .
>>>>>>> 53b8c1ad140d5f6e775fce1096d63c0a411f7ddc
  specs:
    MediTAF4 (1.6.0)
      faker (>= 1.3)
      gmail
      logging (~> 1.8.2)
      multi_xml
      require_all (~> 1.3.2)
      selenium-webdriver (>= 2.46)
<<<<<<< HEAD
    addressable (2.3.8)
    builder (3.2.2)
    capybara (2.4.4)
=======

GEM
  remote: https://rubygems.org/
  specs:
    addressable (2.4.0)
    builder (3.2.2)
    capybara (2.5.0)
>>>>>>> 53b8c1ad140d5f6e775fce1096d63c0a411f7ddc
      mime-types (>= 1.16)
      nokogiri (>= 1.3.3)
      rack (>= 1.0.0)
      rack-test (>= 0.5.4)
      xpath (~> 2.0)
<<<<<<< HEAD
    childprocess (0.5.6)
      ffi (~> 1.0, >= 1.0.11)
    cliver (0.3.2)
    cmdparse (3.0.1)
    cucumber (1.3.20)
      builder (>= 2.1.2)
      diff-lcs (>= 1.1.3)
      gherkin (~> 2.12)
      multi_json (>= 1.7.5, < 2.0)
      multi_test (>= 0.1.2)
    diff-lcs (1.2.5)
    domain_name (0.5.24)
      unf (>= 0.0.5, < 1.0.0)
    faker (1.6.5)
      i18n (~> 0.5)
    ffi (1.9.8)
    gherkin (2.12.2)
      multi_json (~> 1.3)
=======
    childprocess (0.5.9)
      ffi (~> 1.0, >= 1.0.11)
    cucumber (2.4.0)
      builder (>= 2.1.2)
      cucumber-core (~> 1.5.0)
      cucumber-wire (~> 0.0.1)
      diff-lcs (>= 1.1.3)
      gherkin (~> 4.0)
      multi_json (>= 1.7.5, < 2.0)
      multi_test (>= 0.1.2)
    cucumber-core (1.5.0)
      gherkin (~> 4.0)
    cucumber-wire (0.0.1)
    diff-lcs (1.2.5)
    docile (1.1.5)
    faker (1.6.1)
      i18n (~> 0.5)
    ffi (1.9.10)
    gherkin (4.0.0)
>>>>>>> 53b8c1ad140d5f6e775fce1096d63c0a411f7ddc
    gmail (0.6.0)
      gmail_xoauth (>= 0.3.0)
      mail (>= 2.2.1)
    gmail_xoauth (0.4.1)
      oauth (>= 0.3.6)
<<<<<<< HEAD
    highline (1.7.2)
    http-cookie (1.0.2)
      domain_name (~> 0.5)
=======
>>>>>>> 53b8c1ad140d5f6e775fce1096d63c0a411f7ddc
    i18n (0.7.0)
    json (1.8.3)
    little-plugger (1.1.4)
    logging (1.8.2)
      little-plugger (>= 1.1.3)
      multi_json (>= 1.8.4)
<<<<<<< HEAD
    mail (2.6.4)
      mime-types (>= 1.16, < 4)
    mime-types (2.6.1)
    mini_portile (0.6.2)
    multi_json (1.11.1)
    multi_test (0.1.2)
    multi_xml (0.5.5)
    net-http-persistent (2.9.4)
    net-ssh (2.9.2)
    net-ssh-gateway (1.2.0)
      net-ssh (>= 2.6.5)
    netrc (0.10.3)
    nokogiri (1.6.6.2)
      mini_portile (~> 0.6.0)
    oauth (0.5.1)
    parallel (1.6.0)
    parallel_tests (1.3.7)
      parallel
    phantomjs (1.9.8.0)
    poltergeist (1.6.0)
      capybara (~> 2.1)
      cliver (~> 0.3.1)
      multi_json (~> 1.0)
      websocket-driver (>= 0.2.0)
    rack (1.5.5)
    rack-test (0.6.3)
      rack (>= 1.0)
    require_all (1.3.3)
    rest-client (1.8.0)
      http-cookie (>= 1.0.2, < 2.0)
      mime-types (>= 1.16, < 3.0)
      netrc (~> 0.7)
    retry (0.1.0)
    rspec (3.3.0)
      rspec-core (~> 3.3.0)
      rspec-expectations (~> 3.3.0)
      rspec-mocks (~> 3.3.0)
    rspec-core (3.3.1)
      rspec-support (~> 3.3.0)
    rspec-expectations (3.3.0)
      diff-lcs (>= 1.2.0, < 2.0)
      rspec-support (~> 3.3.0)
    rspec-mocks (3.3.1)
      diff-lcs (>= 1.2.0, < 2.0)
      rspec-support (~> 3.3.0)
    rspec-support (3.3.0)
    rubyzip (1.1.7)
    sauce (3.5.6)
      childprocess (>= 0.1.6)
      cmdparse (>= 2.0.2)
      highline (>= 1.5.0)
      json (>= 1.2.0)
      net-http-persistent
      net-ssh
      net-ssh-gateway
      parallel_tests (>= 1.1.1, <= 1.3.7)
      rest-client
      sauce_whisk (~> 0.0.11)
      selenium-webdriver (>= 0.1.2)
    sauce-connect (3.6.0)
      sauce (~> 3.5)
    sauce-cucumber (3.5.2)
      cucumber (>= 1.2.0, < 2.0.0)
      sauce (~> 3.5.6)
      sauce_whisk (~> 0.0.10)
    sauce_whisk (0.0.18)
      json (~> 1.8.1)
      rest-client (~> 1.7)
    selenium-webdriver (2.46.2)
=======
    mail (2.6.3)
      mime-types (>= 1.16, < 3)
    mime-types (2.99)
    mini_portile2 (2.0.0)
    multi_json (1.11.2)
    multi_test (0.1.2)
    multi_xml (0.5.5)
    nokogiri (1.6.7.1)
      mini_portile2 (~> 2.0.0.rc2)
    oauth (0.4.7)
    rack (1.6.4)
    rack-test (0.6.3)
      rack (>= 1.0)
    rake (10.5.0)
    require_all (1.3.3)
    rspec (3.4.0)
      rspec-core (~> 3.4.0)
      rspec-expectations (~> 3.4.0)
      rspec-mocks (~> 3.4.0)
    rspec-core (3.4.1)
      rspec-support (~> 3.4.0)
    rspec-expectations (3.4.0)
      diff-lcs (>= 1.2.0, < 2.0)
      rspec-support (~> 3.4.0)
    rspec-mocks (3.4.1)
      diff-lcs (>= 1.2.0, < 2.0)
      rspec-support (~> 3.4.0)
    rspec-support (3.4.1)
    rubyzip (1.1.7)
    selenium-webdriver (2.48.1)
>>>>>>> 53b8c1ad140d5f6e775fce1096d63c0a411f7ddc
      childprocess (~> 0.5)
      multi_json (~> 1.0)
      rubyzip (~> 1.0)
      websocket (~> 1.0)
<<<<<<< HEAD
    site_prism (2.7)
      addressable (>= 2.3.3, < 3.0)
      capybara (>= 2.1, < 3.0)
    unf (0.1.4)
      unf_ext
    unf_ext (0.0.7.1)
    websocket (1.2.2)
    websocket-driver (0.5.4)
      websocket-extensions (>= 0.1.0)
    websocket-extensions (0.1.2)
    with_retries (0.0.3)
=======
    simplecov (0.11.1)
      docile (~> 1.1.0)
      json (~> 1.8)
      simplecov-html (~> 0.10.0)
    simplecov-html (0.10.0)
    site_prism (2.8)
      addressable (>= 2.3.3, < 3.0)
      capybara (>= 2.1, < 3.0)
    websocket (1.2.2)
>>>>>>> 53b8c1ad140d5f6e775fce1096d63c0a411f7ddc
    xpath (2.0.0)
      nokogiri (~> 1.3)

PLATFORMS
  ruby

DEPENDENCIES
<<<<<<< HEAD
  MediTAF4 (~> 1.6)
  cucumber
  phantomjs
  poltergeist
  rack-test
  retry (~> 0.1.0)
  rspec
  rspec-core
  rspec-expectations
  sauce
  sauce-connect
  sauce-cucumber
  site_prism
  with_retries (~> 0.0.3)
=======
  MediTAF4!
  cucumber (~> 2.4)
  rake (~> 10.5)
  rspec (< 4.0)
  rspec-core (< 4.0)
  rspec-expectations (< 4.0)
  simplecov
  site_prism (>= 2.7)

BUNDLED WITH
   1.12.5
>>>>>>> 53b8c1ad140d5f6e775fce1096d63c0a411f7ddc
